GEM
  remote: http://rubygems.org/
  specs:
    pg (0.11.0)
    sequel (3.24.1)
    sequel_pg (1.1.0)
      pg (>= 0.8.0)
      sequel (>= 3.24.0)

PLATFORMS
  ruby

DEPENDENCIES
  pg
  sequel
  sequel_pg
