GEM
  remote: http://rubygems.org/
  specs:
    pg (0.11.0)
    sequel (3.24.1)

PLATFORMS
  ruby

DEPENDENCIES
  pg
  sequel
